PATH
  remote: .
  specs:
    spec-view (0.1.0)

GEM
  remote: https://rubygems.org/
  specs:
    activesupport (5.2.4.1)
      concurrent-ruby (~> 1.0, >= 1.0.2)
      i18n (>= 0.7, < 2)
      minitest (~> 5.1)
      tzinfo (~> 1.1)
    addressable (2.7.0)
      public_suffix (>= 2.0.2, < 5.0)
    capybara (3.30.0)
      addressable
      mini_mime (>= 0.1.3)
      nokogiri (~> 1.8)
      rack (>= 1.6.0)
      rack-test (>= 0.6.3)
      regexp_parser (~> 1.5)
      xpath (~> 3.2)
    concurrent-ruby (1.1.5)
    i18n (1.8.1)
      concurrent-ruby (~> 1.0)
    mini_mime (1.0.2)
    mini_portile2 (2.8.5)
    minitest (5.13.0)
    nokogiri (1.16.3)
      mini_portile2 (~> 2.8.2)
      racc (~> 1.4)
    public_suffix (4.0.3)
    racc (1.7.3)
    rack (2.0.8)
    rack-test (1.1.0)
      rack (>= 1.0, < 3)
    rake (10.5.0)
    regexp_parser (1.6.0)
    thread_safe (0.3.6)
    tzinfo (1.2.6)
      thread_safe (~> 0.1)
    xpath (3.2.0)
      nokogiri (~> 1.8)

PLATFORMS
  ruby

DEPENDENCIES
  activesupport (~> 5.2)
  bundler (~> 1.16)
  capybara (~> 3.30)
  rake (~> 10.0)
  spec-view!

BUNDLED WITH
   1.16.2
